GEM
  remote: https://rubygems.org/
  specs:
    clap (1.0.0)
    coderay (1.1.0)
    cuba (3.4.0)
      rack
    cutest (1.2.2)
      clap
    hiredis (0.6.0)
    json (1.8.3)
    method_source (0.8.2)
    msgpack (0.5.12)
    nido (1.0.0)
    ohm (2.3.0)
      msgpack (~> 0.5.0)
      nido
      redic (~> 1.5.0)
      stal
    override (0.0.10)
    pry (0.10.3)
      coderay (~> 1.1.0)
      method_source (~> 0.8.1)
      slop (~> 3.4)
    rack (1.6.4)
    rack-test (0.6.3)
      rack (>= 1.0)
    redic (1.5.0)
      hiredis
    slop (3.6.0)
    stal (0.1.0)
      redic

PLATFORMS
  ruby

DEPENDENCIES
  cuba (~> 3.4)
  cutest (~> 1.2)
  json (~> 1.8)
  ohm (~> 2.3)
  override (~> 0.0.10)
  pry (~> 0.10)
  rack-test (~> 0.6)

BUNDLED WITH
   1.10.6
