GEM
  remote: https://rubygems.org/
  specs:
    clap (1.0.0)
    coderay (1.1.0)
    cuba (3.4.0)
      rack
    cutest (1.2.2)
      clap
    dotenv (2.0.1)
    hiredis (0.6.0)
    json (1.8.2)
    method_source (0.8.2)
    msgpack (0.6.0)
    nido (0.0.1)
    ohm (2.0.1)
      msgpack
      nido
      redic
    override (0.0.10)
    pry (0.10.1)
      coderay (~> 1.1.0)
      method_source (~> 0.8.1)
      slop (~> 3.4)
    rack (1.6.1)
    rack-test (0.6.3)
      rack (>= 1.0)
    redic (1.5.0)
      hiredis
    slop (3.6.0)

PLATFORMS
  ruby

DEPENDENCIES
  cuba
  cutest
  dotenv
  json
  ohm (~> 2.0.1)
  override
  pry
  rack-test
