GEM
  remote: https://rubygems.org/
  specs:
    bcrypt (3.1.12)
    clap (1.0.0)
    coderay (1.1.2)
    cuba (3.9.2)
      rack (>= 1.6.0)
    cutest (1.2.3)
      clap
    dotenv (2.7.2)
    hiredis (0.6.3)
    json (2.2.0)
    method_source (0.9.2)
    nest (3.1.2)
      redic
    ohm (3.1.1)
      nest (~> 3)
      redic (~> 1.5.0)
      stal
    pry (0.12.2)
      coderay (~> 1.1.0)
      method_source (~> 0.9.0)
    rack (2.0.7)
    rack-test (1.1.0)
      rack (>= 1.0, < 3)
    redic (1.5.1)
      hiredis
    stal (0.3.0)
      redic (~> 1.5)

PLATFORMS
  ruby

DEPENDENCIES
  bcrypt (~> 3.1)
  cuba (~> 3.9)
  cutest (~> 1.2)
  dotenv (~> 2.7)
  json (~> 2.2)
  ohm (~> 3.1)
  pry (~> 0.12)
  rack-test (~> 1.1)

RUBY VERSION
   ruby 2.6.3p62

BUNDLED WITH
   2.0.1
